PATH
  remote: .
  specs:
    session (0.0.1)

PATH
  remote: ../mapper
  specs:
    mapper (0.0.2)

GEM
  remote: http://rubygems.org/
  specs:
    bson (1.6.1)
    diff-lcs (1.1.3)
    mongo (1.6.1)
      bson (~> 1.6.1)
    rspec (2.9.0.rc2)
      rspec-core (= 2.9.0.rc2)
      rspec-expectations (= 2.9.0.rc2)
      rspec-mocks (= 2.9.0.rc2)
    rspec-core (2.9.0.rc2)
    rspec-expectations (2.9.0.rc2)
      diff-lcs (~> 1.1.3)
    rspec-mocks (2.9.0.rc2)
    virtus (0.3.0)

PLATFORMS
  ruby

DEPENDENCIES
  mapper!
  mongo (~> 1.6.1)
  rspec (~> 2.9.0.rc2)
  session!
  virtus (~> 0.3.0)
